GEM
  remote: https://rubygems.org/
  specs:
    gosu (1.0.0)

PLATFORMS
  x64-mingw32

DEPENDENCIES
  gosu (~> 1.0)

BUNDLED WITH
   2.1.4
